GEM
  remote: http://rubygems.org/
  specs:
    curb (0.7.8)
    diff-lcs (1.1.2)
    git (1.2.5)
    jeweler (1.5.0.pre5)
      bundler (~> 1.0.0)
      git (>= 1.2.5)
      rake
    rake (0.8.7)
    rspec (2.0.0)
      rspec-core (= 2.0.0)
      rspec-expectations (= 2.0.0)
      rspec-mocks (= 2.0.0)
    rspec-core (2.0.0)
    rspec-expectations (2.0.0)
      diff-lcs (>= 1.1.2)
    rspec-mocks (2.0.0)
      rspec-core (= 2.0.0)
      rspec-expectations (= 2.0.0)
    yajl-ruby (0.7.8)

PLATFORMS
  ruby

DEPENDENCIES
  bundler (~> 1.0.0)
  curb (~> 0.7.8)
  jeweler (~> 1.5.0.pre5)
  rspec (~> 2.0.0)
  yajl-ruby (~> 0.7.8)
